ObjectType = Image
NDims = 3
DimSize = 240 299 282
ElementType = MET_CHAR
ElementDataFile = C:\Temp\Volume.raw
